GEM
  remote: https://rubygems.org/
  specs:
    activesupport (4.0.0.rc1)
      i18n (~> 0.6, >= 0.6.4)
      minitest (~> 4.2)
      multi_json (~> 1.3)
      thread_safe (~> 0.1)
      tzinfo (~> 0.3.37)
    atomic (1.1.9)
    backports (3.3.1)
    chronic (0.9.1)
    daemons (1.1.9)
    dalli (2.6.4)
    eventmachine (1.0.3)
    faraday (0.8.7)
      multipart-post (~> 1.1)
    i18n (0.6.4)
    minitest (4.7.4)
    multi_json (1.7.6)
    multipart-post (1.2.0)
    nokogiri (1.5.10)
    rack (1.5.2)
    rack-cache (1.2)
      rack (>= 0.4)
    rack-protection (1.5.0)
      rack
    rack-test (0.6.2)
      rack (>= 1.0)
    sinatra (1.4.3)
      rack (~> 1.4)
      rack-protection (~> 1.4)
      tilt (~> 1.3, >= 1.3.4)
    sinatra-contrib (1.4.0)
      backports (>= 2.0)
      eventmachine
      rack-protection
      rack-test
      sinatra (~> 1.4.2)
      tilt (~> 1.3)
    thin (1.5.1)
      daemons (>= 1.0.9)
      eventmachine (>= 0.12.6)
      rack (>= 1.0.0)
    thread_safe (0.1.0)
      atomic
    tilt (1.4.1)
    tzinfo (0.3.37)

PLATFORMS
  ruby

DEPENDENCIES
  activesupport (~> 4.0.0.rc1)
  chronic (~> 0.9.1)
  dalli (~> 2.6.4)
  faraday (~> 0.8.7)
  multi_json (~> 1.7.6)
  nokogiri (~> 1.5.9)
  rack-cache (~> 1.2)
  sinatra (~> 1.4.3)
  sinatra-contrib (~> 1.4.0)
  thin (~> 1.5.1)
