GEM
  remote: https://rubygems.org/
  specs:
    activesupport (3.2.14)
      i18n (~> 0.6, >= 0.6.4)
      multi_json (~> 1.0)
    chronic (0.9.1)
    daemons (1.1.9)
    dalli (2.6.4)
    eventmachine (1.0.3)
    faraday (0.8.8)
      multipart-post (~> 1.2.0)
    i18n (0.6.4)
    memcachier (0.0.2)
    multi_json (1.3.7)
    multipart-post (1.2.0)
    newrelic_rpm (3.6.6.147)
    nokogiri (1.5.10)
    rack (1.5.2)
    rack-protection (1.5.0)
      rack
    sinatra (1.4.3)
      rack (~> 1.4)
      rack-protection (~> 1.4)
      tilt (~> 1.3, >= 1.3.4)
    sinatra-jsonp (0.4.2)
      multi_json (~> 1.3.7)
      sinatra (~> 1.0)
    thin (1.5.1)
      daemons (>= 1.0.9)
      eventmachine (>= 0.12.6)
      rack (>= 1.0.0)
    tilt (1.4.1)
    tzinfo (1.0.1)

PLATFORMS
  ruby

DEPENDENCIES
  activesupport (~> 3.2.13)
  chronic (~> 0.9.1)
  dalli (~> 2.6.4)
  faraday (~> 0.8.7)
  memcachier
  newrelic_rpm
  nokogiri (~> 1.5.9)
  sinatra (~> 1.4.3)
  sinatra-jsonp (~> 0.4.2)
  thin (~> 1.5.1)
  tzinfo (~> 1.0.0)
